PATH
  remote: .
  specs:
    heroku-scalr (0.1.0)
      eventmachine-le
      heroku-api (~> 0.3.8)

GEM
  remote: https://rubygems.org/
  specs:
    diff-lcs (1.2.3)
    eventmachine-le (1.1.5)
    excon (0.20.1)
    heroku-api (0.3.9)
      excon (~> 0.20.1)
    rake (10.0.4)
    rspec (2.13.0)
      rspec-core (~> 2.13.0)
      rspec-expectations (~> 2.13.0)
      rspec-mocks (~> 2.13.0)
    rspec-core (2.13.1)
    rspec-expectations (2.13.0)
      diff-lcs (>= 1.1.3, < 2.0)
    rspec-mocks (2.13.1)
    yard (0.8.6.1)

PLATFORMS
  ruby

DEPENDENCIES
  bundler
  heroku-scalr!
  rake
  rspec
  yard
